PATH
  remote: ../../
  specs:
    pact (1.9.0)
      awesome_print (~> 1.1)
      find_a_port (~> 1.0.1)
      json
      pact-mock_service (~> 0.7)
      pact-support (~> 0.5)
      rack-test (~> 0.6.2)
      randexp (~> 0.1.7)
      rspec (>= 2.14)
      term-ansicolor (~> 1.0)
      thor
      webrick

GEM
  remote: https://rubygems.org/
  specs:
    awesome_print (1.6.1)
    coderay (1.1.0)
    diff-lcs (1.2.5)
    find_a_port (1.0.1)
    httparty (0.13.7)
      json (~> 1.8)
      multi_xml (>= 0.5.2)
    json (1.8.3)
    method_source (0.8.2)
    multi_xml (0.5.5)
    pact-mock_service (0.7.2)
      find_a_port (~> 1.0.1)
      json
      pact-support (~> 0.5.3)
      rack
      rack-test (~> 0.6.2)
      rspec (>= 2.14)
      term-ansicolor (~> 1.0)
      thor
      webrick
    pact-support (0.5.3)
      awesome_print (~> 1.1)
      find_a_port (~> 1.0.1)
      json
      rack-test (~> 0.6.2)
      randexp (~> 0.1.7)
      rspec (>= 2.14)
      term-ansicolor (~> 1.0)
      thor
    pact_broker-client (1.0.0)
      httparty
      json
      pact
    pry (0.10.3)
      coderay (~> 1.1.0)
      method_source (~> 0.8.1)
      slop (~> 3.4)
    rack (1.5.5)
    rack-test (0.6.3)
      rack (>= 1.0)
    rake (10.4.2)
    randexp (0.1.7)
    rspec (3.3.0)
      rspec-core (~> 3.3.0)
      rspec-expectations (~> 3.3.0)
      rspec-mocks (~> 3.3.0)
    rspec-core (3.3.2)
      rspec-support (~> 3.3.0)
    rspec-expectations (3.3.1)
      diff-lcs (>= 1.2.0, < 2.0)
      rspec-support (~> 3.3.0)
    rspec-mocks (3.3.2)
      diff-lcs (>= 1.2.0, < 2.0)
      rspec-support (~> 3.3.0)
    rspec-support (3.3.0)
    slop (3.6.0)
    term-ansicolor (1.3.2)
      tins (~> 1.0)
    thor (0.19.1)
    tins (1.6.0)
    webrick (1.3.1)

PLATFORMS
  ruby

DEPENDENCIES
  httparty
  json
  pact!
  pact_broker-client
  pry
  rack (~> 1.5.2)
  rake
  rspec

BUNDLED WITH
   1.10.6
